GIT
  remote: https://github.com/jalada/cleverbot.git
  revision: 75717384e88739eea1d8b8af8635f9dfa74309ad
  branch: master
  specs:
    cleverbot (0.2.0)
      httparty (>= 0.8.1, < 1.0)

GEM
  remote: http://rubygems.org/
  specs:
    cinch (2.2.5)
    cinch-identify (1.7.0)
      cinch (~> 2.0)
    httparty (0.13.7)
      json (~> 1.8)
      multi_xml (>= 0.5.2)
    json (1.8.3)
    mini_portile (0.6.2)
    multi_xml (0.5.5)
    nokogiri (1.6.6.2)
      mini_portile (~> 0.6.0)
    sequel (4.23.0)
    sqlite3 (1.3.11)

PLATFORMS
  ruby

DEPENDENCIES
  cinch
  cinch-identify
  cleverbot!
  nokogiri
  sequel
  sqlite3

BUNDLED WITH
   1.11.2
